GEM
  remote: https://rubygems.org/
  specs:
    aws-sdk (1.60.2)
      aws-sdk-v1 (= 1.60.2)
    aws-sdk-v1 (1.60.2)
      json (~> 1.4)
      nokogiri (>= 1.4.4)
    blobstore_client (1.3140.0)
      aws-sdk (= 1.60.2)
      bosh_common (~> 1.3140.0)
      httpclient (= 2.4.0)
      multi_json (~> 1.1)
    bosh-template (1.3140.0)
      semi_semantic (~> 1.1.0)
    bosh_cli (1.3140.0)
      blobstore_client (~> 1.3140.0)
      bosh-template (~> 1.3140.0)
      bosh_common (~> 1.3140.0)
      cf-uaa-lib (~> 3.2.1)
      highline (~> 1.6.2)
      httpclient (= 2.4.0)
      json_pure (~> 1.7)
      minitar (~> 0.5.4)
      net-scp (~> 1.1.0)
      net-ssh (= 2.9.2)
      net-ssh-gateway (~> 1.2.0)
      netaddr (~> 1.5.0)
      progressbar (~> 0.9.0)
      sshkey (~> 1.7.0)
      terminal-table (~> 1.4.3)
    bosh_common (1.3140.0)
      logging (~> 1.8.2)
      semi_semantic (~> 1.1.0)
    cf-uaa-lib (3.2.4)
      multi_json
    diff-lcs (1.2.5)
    highline (1.6.21)
    httpclient (2.4.0)
    json (1.8.3)
    json_pure (1.8.3)
    little-plugger (1.1.4)
    logging (1.8.2)
      little-plugger (>= 1.1.3)
      multi_json (>= 1.8.4)
    mini_portile (0.6.2)
    minitar (0.5.4)
    multi_json (1.11.2)
    net-scp (1.1.2)
      net-ssh (>= 2.6.5)
    net-ssh (2.9.2)
    net-ssh-gateway (1.2.0)
      net-ssh (>= 2.6.5)
    netaddr (1.5.0)
    nokogiri (1.6.6.3)
      mini_portile (~> 0.6.0)
    progressbar (0.9.2)
    rspec (3.4.0)
      rspec-core (~> 3.4.0)
      rspec-expectations (~> 3.4.0)
      rspec-mocks (~> 3.4.0)
    rspec-core (3.4.0)
      rspec-support (~> 3.4.0)
    rspec-expectations (3.4.0)
      diff-lcs (>= 1.2.0, < 2.0)
      rspec-support (~> 3.4.0)
    rspec-mocks (3.4.0)
      diff-lcs (>= 1.2.0, < 2.0)
      rspec-support (~> 3.4.0)
    rspec-support (3.4.0)
    semi_semantic (1.1.0)
    sshkey (1.7.0)
    terminal-table (1.4.5)

PLATFORMS
  ruby

DEPENDENCIES
  bosh_cli
  rspec (~> 3.4)

BUNDLED WITH
   1.10.6
