GEM
  remote: https://www.rubygems.org/
  specs:
    awesome_print (1.6.1)
    cabin (0.7.2)
    clamp (0.6.5)
    coderay (1.1.1)
    concurrent-ruby (0.9.2-java)
    diff-lcs (1.2.5)
    ffi (1.9.10-java)
    filesize (0.0.4)
    gem_publisher (1.5.0)
    gems (0.8.3)
    geoip (1.6.1)
    i18n (0.6.9)
    insist (1.0.0)
    jar-dependencies (0.3.2)
    jls-grok (0.11.2)
      cabin (>= 0.6.0)
    jrjackson (0.3.8)
    jruby-openssl (0.9.13-java)
    logstash-codec-json (2.1.1)
      logstash-core (>= 2.0.0, < 3.0.0)
    logstash-codec-plain (2.0.2)
      logstash-core (>= 2.0.0.beta2, < 3.0.0)
    logstash-core (2.2.2-java)
      cabin (~> 0.7.0)
      clamp (~> 0.6.5)
      concurrent-ruby (= 0.9.2)
      filesize (= 0.0.4)
      gems (~> 0.8.3)
      i18n (= 0.6.9)
      jrjackson (~> 0.3.7)
      jruby-openssl (= 0.9.13)
      logstash-core-event (~> 2.2.2)
      minitar (~> 0.5.4)
      pry (~> 0.10.1)
      rubyzip (~> 1.1.7)
      stud (~> 0.0.19)
      thread_safe (~> 0.3.5)
      treetop (< 1.5.0)
    logstash-core-event (2.2.2-java)
    logstash-devutils (0.0.8-java)
      gem_publisher
      insist (= 1.0.0)
      jar-dependencies
      minitar
      rake
    logstash-filter-alter (2.0.3)
      logstash-core (>= 2.0.0.beta2, < 3.0.0)
    logstash-filter-date (2.1.2)
      logstash-codec-json
      logstash-core (>= 2.0.0.beta2, < 3.0.0)
      logstash-input-generator
      logstash-output-null
    logstash-filter-geoip (2.0.5)
      geoip (>= 1.3.2)
      logstash-core (>= 2.0.0.beta2, < 3.0.0)
      lru_redux (~> 1.1.0)
    logstash-filter-grok (2.0.3)
      jls-grok (~> 0.11.1)
      logstash-core (>= 2.0.0.beta2, < 3.0.0)
      logstash-patterns-core
    logstash-filter-json (2.0.4)
      logstash-core (>= 2.0.0.beta2, < 3.0.0)
    logstash-filter-kv (2.0.4)
      logstash-core (>= 2.0.0.beta2, < 3.0.0)
    logstash-filter-mutate (2.0.3)
      logstash-core (>= 2.0.0.beta2, < 3.0.0)
      logstash-filter-grok
      logstash-patterns-core
    logstash-filter-ruby (2.0.3)
      logstash-core (>= 2.0.0.beta2, < 3.0.0)
      logstash-filter-date
    logstash-filter-syslog_pri (2.0.2)
      logstash-core (>= 2.0.0.beta2, < 3.0.0)
    logstash-filter-translate (2.0.2)
      logstash-core (>= 2.0.0.beta2, < 3.0.0)
    logstash-input-generator (2.0.2)
      logstash-codec-plain
      logstash-core (>= 2.0.0.beta2, < 3.0.0)
    logstash-output-null (2.0.2)
      logstash-codec-plain
      logstash-core (>= 2.0.0.beta2, < 3.0.0)
    logstash-patterns-core (2.0.2)
      logstash-core (>= 2.0.0.beta2, < 3.0.0)
    lru_redux (1.1.0)
    method_source (0.8.2)
    minitar (0.5.4)
    polyglot (0.3.5)
    pry (0.10.3-java)
      coderay (~> 1.1.0)
      method_source (~> 0.8.1)
      slop (~> 3.4)
      spoon (~> 0.0)
    rake (11.1.1)
    rspec (3.4.0)
      rspec-core (~> 3.4.0)
      rspec-expectations (~> 3.4.0)
      rspec-mocks (~> 3.4.0)
    rspec-core (3.4.4)
      rspec-support (~> 3.4.0)
    rspec-expectations (3.4.0)
      diff-lcs (>= 1.2.0, < 2.0)
      rspec-support (~> 3.4.0)
    rspec-mocks (3.4.1)
      diff-lcs (>= 1.2.0, < 2.0)
      rspec-support (~> 3.4.0)
    rspec-support (3.4.1)
    rubyzip (1.1.7)
    slop (3.6.0)
    spoon (0.0.4)
      ffi
    stud (0.0.22)
    thread_safe (0.3.5-java)
    treetop (1.4.15)
      polyglot
      polyglot (>= 0.3.1)

PLATFORMS
  java

DEPENDENCIES
  awesome_print
  logstash-core
  logstash-devutils
  logstash-filter-alter
  logstash-filter-date
  logstash-filter-geoip
  logstash-filter-grok
  logstash-filter-json
  logstash-filter-kv
  logstash-filter-mutate
  logstash-filter-ruby
  logstash-filter-syslog_pri
  logstash-filter-translate
  pry
  rspec

BUNDLED WITH
   1.11.2
